GEM
  remote: http://rubygems.org/
  specs:
    backports (2.3.0)
    builder (3.0.0)
    diff-lcs (1.1.3)
    git (1.2.5)
    haml (3.1.3)
    hpricot (0.8.4)
    jeweler (1.6.4)
      bundler (~> 1.0)
      git (>= 1.2.5)
      rake
    monkey-lib (0.5.4)
      backports
    rack (1.3.2)
    rake (0.9.2)
    rcov (0.9.10)
    route53 (0.2.1)
      builder
      hpricot
      ruby-hmac
    rspec (2.3.0)
      rspec-core (~> 2.3.0)
      rspec-expectations (~> 2.3.0)
      rspec-mocks (~> 2.3.0)
    rspec-core (2.3.1)
    rspec-expectations (2.3.0)
      diff-lcs (~> 1.1.2)
    rspec-mocks (2.3.0)
    ruby-hmac (0.4.0)
    sinatra (1.2.6)
      rack (~> 1.1)
      tilt (< 2.0, >= 1.2.2)
    sinatra-advanced-routes (0.5.1)
      monkey-lib (~> 0.5.0)
      sinatra (~> 1.0)
      sinatra-sugar (~> 0.5.0)
    sinatra-reloader (0.5.0)
      sinatra (~> 1.0)
      sinatra-advanced-routes (~> 0.5.0)
    sinatra-sugar (0.5.1)
      monkey-lib (~> 0.5.0)
      sinatra (~> 1.0)
    tilt (1.3.3)

PLATFORMS
  ruby

DEPENDENCIES
  bundler (~> 1.0.0)
  haml
  jeweler (~> 1.6.4)
  rcov
  route53
  rspec (~> 2.3.0)
  sinatra
  sinatra-reloader
